RESTRICTION: || (== net461) (== netcoreapp3.1)
NUGET
  remote: https://www.nuget.org/api/v2
    IKVM (8.2.1)
      Microsoft.Extensions.DependencyModel (>= 6.0) - restriction: || (&& (== net461) (>= netcoreapp3.1)) (== netcoreapp3.1)
      Microsoft.Win32.Registry (>= 5.0) - restriction: || (&& (== net461) (>= netcoreapp3.1)) (== netcoreapp3.1)
      SharpZipLib (>= 1.3.3)
      System.Configuration.ConfigurationManager (>= 6.0) - restriction: || (&& (== net461) (>= netcoreapp3.1)) (== netcoreapp3.1)
      System.Data.Odbc (>= 6.0) - restriction: || (&& (== net461) (>= netcoreapp3.1)) (== netcoreapp3.1)
      System.Drawing.Common (>= 6.0) - restriction: || (&& (== net461) (>= netcoreapp3.1)) (== netcoreapp3.1)
      System.IO.Compression (>= 4.3) - restriction: || (&& (== net461) (>= netcoreapp3.1)) (== netcoreapp3.1)
      System.IO.FileSystem.AccessControl (>= 5.0) - restriction: || (&& (== net461) (>= netcoreapp3.1)) (== netcoreapp3.1)
      System.Memory (>= 4.5.5)
      System.Runtime (>= 4.3.1) - restriction: || (&& (== net461) (>= netcoreapp3.1)) (== netcoreapp3.1)
      System.Runtime.InteropServices (>= 4.3) - restriction: || (&& (== net461) (>= netcoreapp3.1)) (== netcoreapp3.1)
      System.Runtime.Loader (>= 4.3) - restriction: || (&& (== net461) (>= netcoreapp3.1)) (== netcoreapp3.1)
      System.Security.AccessControl (>= 6.0) - restriction: || (&& (== net461) (>= netcoreapp3.1)) (== netcoreapp3.1)
      System.Security.Cryptography.Pkcs (>= 6.0.1) - restriction: || (&& (== net461) (>= netcoreapp3.1)) (== netcoreapp3.1)
      System.Security.Permissions (>= 6.0) - restriction: || (&& (== net461) (>= netcoreapp3.1)) (== netcoreapp3.1)
      System.Security.Principal.Windows (>= 5.0) - restriction: || (&& (== net461) (>= netcoreapp3.1)) (== netcoreapp3.1)
      System.Threading.AccessControl (>= 6.0) - restriction: || (&& (== net461) (>= netcoreapp3.1)) (== netcoreapp3.1)
    Microsoft.CodeCoverage (17.3)
    Microsoft.Extensions.DependencyModel (6.0) - restriction: || (&& (== net461) (>= netcoreapp3.1)) (== netcoreapp3.1)
      System.Buffers (>= 4.5.1)
      System.Memory (>= 4.5.4)
      System.Runtime.CompilerServices.Unsafe (>= 6.0)
      System.Text.Encodings.Web (>= 6.0)
      System.Text.Json (>= 6.0)
    Microsoft.NET.Test.Sdk (17.3)
      Microsoft.CodeCoverage (>= 17.3)
      Microsoft.TestPlatform.TestHost (>= 17.3) - restriction: || (&& (== net461) (>= netcoreapp1.0)) (== netcoreapp3.1)
    Microsoft.NETCore.Platforms (6.0.5) - restriction: || (&& (== net461) (>= netcoreapp3.1)) (== netcoreapp3.1)
    Microsoft.NETCore.Targets (5.0) - restriction: || (&& (== net461) (>= netcoreapp3.1)) (== netcoreapp3.1)
    Microsoft.NETFramework.ReferenceAssemblies (1.0.3)
      Microsoft.NETFramework.ReferenceAssemblies.net461 (>= 1.0.3) - restriction: || (== net461) (&& (== netcoreapp3.1) (>= net461))
    Microsoft.NETFramework.ReferenceAssemblies.net461 (1.0.3) - restriction: || (== net461) (&& (== netcoreapp3.1) (>= net461))
    Microsoft.TestPlatform.ObjectModel (17.3) - restriction: || (&& (== net461) (>= netcoreapp1.0)) (== netcoreapp3.1)
      NuGet.Frameworks (>= 5.11)
      System.Reflection.Metadata (>= 1.6)
    Microsoft.TestPlatform.TestHost (17.3) - restriction: || (&& (== net461) (>= netcoreapp1.0)) (== netcoreapp3.1)
      Microsoft.TestPlatform.ObjectModel (>= 17.3) - restriction: || (&& (== net461) (>= netcoreapp1.0)) (&& (== net461) (>= uap10.0)) (== netcoreapp3.1)
      Newtonsoft.Json (>= 9.0.1) - restriction: || (&& (== net461) (>= netcoreapp1.0)) (&& (== net461) (>= uap10.0)) (== netcoreapp3.1)
    Microsoft.Win32.Registry (5.0) - restriction: || (&& (== net461) (>= netcoreapp3.1)) (== netcoreapp3.1)
      System.Security.AccessControl (>= 5.0)
      System.Security.Principal.Windows (>= 5.0)
    Microsoft.Win32.SystemEvents (6.0.1) - restriction: || (&& (== net461) (>= netcoreapp3.1)) (== netcoreapp3.1)
    NETStandard.Library (2.0.3) - restriction: || (&& (== net461) (< net35) (>= netstandard2.0)) (== netcoreapp3.1)
      Microsoft.NETCore.Platforms (>= 1.1)
    Newtonsoft.Json (13.0.1) - restriction: || (&& (== net461) (>= netcoreapp1.0)) (== netcoreapp3.1)
    NuGet.Frameworks (6.3) - restriction: || (&& (== net461) (>= netcoreapp1.0)) (&& (== net461) (>= netcoreapp2.1)) (== netcoreapp3.1)
    NUnit (3.13.3)
      NETStandard.Library (>= 2.0) - restriction: || (&& (== net461) (< net35) (>= netstandard2.0)) (== netcoreapp3.1)
    NUnit3TestAdapter (4.2.1)
    runtime.native.System (4.3.1) - restriction: || (&& (== net461) (>= netcoreapp3.1)) (== netcoreapp3.1)
      Microsoft.NETCore.Platforms (>= 1.1.1)
      Microsoft.NETCore.Targets (>= 1.1.3)
    runtime.native.System.IO.Compression (4.3.2) - restriction: || (&& (== net461) (>= netcoreapp3.1)) (== netcoreapp3.1)
      Microsoft.NETCore.Platforms (>= 1.1.1)
      Microsoft.NETCore.Targets (>= 1.1.3)
    SharpZipLib (1.3.3)
    System.Buffers (4.5.1)
    System.Collections (4.3) - restriction: || (&& (== net461) (>= netcoreapp3.1)) (== netcoreapp3.1)
      Microsoft.NETCore.Platforms (>= 1.1) - restriction: || (&& (== net461) (< net45)) (== netcoreapp3.1)
      Microsoft.NETCore.Targets (>= 1.1) - restriction: || (&& (== net461) (< net45)) (== netcoreapp3.1)
      System.Runtime (>= 4.3) - restriction: || (&& (== net461) (< net45)) (== netcoreapp3.1)
    System.Collections.Immutable (6.0) - restriction: || (&& (== net461) (>= netcoreapp1.0)) (&& (== net461) (>= netcoreapp2.1)) (== netcoreapp3.1)
      System.Memory (>= 4.5.4)
      System.Runtime.CompilerServices.Unsafe (>= 6.0)
    System.Configuration.ConfigurationManager (6.0) - restriction: || (&& (== net461) (>= netcoreapp3.1)) (== netcoreapp3.1)
      System.Security.Cryptography.ProtectedData (>= 6.0) - restriction: || (&& (== net461) (>= net6.0)) (== netcoreapp3.1)
      System.Security.Permissions (>= 6.0)
    System.Data.Odbc (6.0) - restriction: || (&& (== net461) (>= netcoreapp3.1)) (== netcoreapp3.1)
      System.Text.Encoding.CodePages (>= 6.0) - restriction: || (&& (== net461) (>= netcoreapp3.1)) (== netcoreapp3.1)
    System.Diagnostics.Debug (4.3) - restriction: || (&& (== net461) (>= netcoreapp3.1)) (== netcoreapp3.1)
      Microsoft.NETCore.Platforms (>= 1.1) - restriction: || (&& (== net461) (< net45)) (== netcoreapp3.1)
      Microsoft.NETCore.Targets (>= 1.1) - restriction: || (&& (== net461) (< net45)) (== netcoreapp3.1)
      System.Runtime (>= 4.3) - restriction: || (&& (== net461) (< net45)) (== netcoreapp3.1)
    System.Drawing.Common (6.0) - restriction: || (&& (== net461) (>= netcoreapp3.1)) (== netcoreapp3.1)
      Microsoft.Win32.SystemEvents (>= 6.0) - restriction: || (&& (== net461) (>= netcoreapp3.1)) (== netcoreapp3.1)
    System.Formats.Asn1 (6.0) - restriction: || (&& (== net461) (>= netcoreapp3.1)) (== netcoreapp3.1)
      System.Buffers (>= 4.5.1)
      System.Memory (>= 4.5.4)
    System.Globalization (4.3) - restriction: || (&& (== net461) (>= netcoreapp3.1)) (== netcoreapp3.1)
      Microsoft.NETCore.Platforms (>= 1.1) - restriction: || (&& (== net461) (< net45)) (== netcoreapp3.1)
      Microsoft.NETCore.Targets (>= 1.1) - restriction: || (&& (== net461) (< net45)) (== netcoreapp3.1)
      System.Runtime (>= 4.3) - restriction: || (&& (== net461) (< net45)) (== netcoreapp3.1)
    System.IO (4.3) - restriction: || (&& (== net461) (>= netcoreapp3.1)) (== netcoreapp3.1)
      Microsoft.NETCore.Platforms (>= 1.1) - restriction: || (&& (== net461) (< net45)) (== netcoreapp3.1)
      Microsoft.NETCore.Targets (>= 1.1) - restriction: || (&& (== net461) (< net45)) (== netcoreapp3.1)
      System.Runtime (>= 4.3) - restriction: || (&& (== net461) (< net45)) (== netcoreapp3.1)
      System.Text.Encoding (>= 4.3) - restriction: || (&& (== net461) (< net45)) (== netcoreapp3.1)
      System.Threading.Tasks (>= 4.3) - restriction: || (&& (== net461) (< net45)) (== netcoreapp3.1)
    System.IO.Compression (4.3) - restriction: || (&& (== net461) (>= netcoreapp3.1)) (== netcoreapp3.1)
      Microsoft.NETCore.Platforms (>= 1.1) - restriction: || (&& (== net461) (< net45)) (== netcoreapp3.1)
      runtime.native.System (>= 4.3) - restriction: || (&& (== net461) (< net45)) (== netcoreapp3.1)
      runtime.native.System.IO.Compression (>= 4.3) - restriction: || (&& (== net461) (< net45)) (== netcoreapp3.1)
      System.Buffers (>= 4.3) - restriction: || (&& (== net461) (< net45)) (== netcoreapp3.1)
      System.Collections (>= 4.3) - restriction: || (&& (== net461) (< net45)) (== netcoreapp3.1)
      System.Diagnostics.Debug (>= 4.3) - restriction: || (&& (== net461) (< net45)) (== netcoreapp3.1)
      System.IO (>= 4.3) - restriction: || (&& (== net461) (< net45)) (== netcoreapp3.1)
      System.Resources.ResourceManager (>= 4.3) - restriction: || (&& (== net461) (< net45)) (== netcoreapp3.1)
      System.Runtime (>= 4.3) - restriction: || (&& (== net461) (< net45)) (== netcoreapp3.1)
      System.Runtime.Extensions (>= 4.3) - restriction: || (&& (== net461) (< net45)) (== netcoreapp3.1)
      System.Runtime.Handles (>= 4.3) - restriction: || (&& (== net461) (< net45)) (== netcoreapp3.1)
      System.Runtime.InteropServices (>= 4.3) - restriction: || (&& (== net461) (< net45)) (== netcoreapp3.1)
      System.Text.Encoding (>= 4.3) - restriction: || (&& (== net461) (< net45)) (== netcoreapp3.1)
      System.Threading (>= 4.3) - restriction: || (&& (== net461) (< net45)) (== netcoreapp3.1)
      System.Threading.Tasks (>= 4.3) - restriction: || (&& (== net461) (< net45)) (== netcoreapp3.1)
    System.IO.FileSystem.AccessControl (5.0) - restriction: || (&& (== net461) (>= netcoreapp3.1)) (== netcoreapp3.1)
      System.Security.AccessControl (>= 5.0)
      System.Security.Principal.Windows (>= 5.0)
    System.Memory (4.5.5)
      System.Buffers (>= 4.5.1) - restriction: || (== net461) (&& (== netcoreapp3.1) (>= monotouch)) (&& (== netcoreapp3.1) (>= net461)) (&& (== netcoreapp3.1) (< netcoreapp2.0)) (&& (== netcoreapp3.1) (< netstandard1.1)) (&& (== netcoreapp3.1) (< netstandard2.0)) (&& (== netcoreapp3.1) (>= xamarinios)) (&& (== netcoreapp3.1) (>= xamarinmac)) (&& (== netcoreapp3.1) (>= xamarintvos)) (&& (== netcoreapp3.1) (>= xamarinwatchos))
      System.Numerics.Vectors (>= 4.5) - restriction: || (== net461) (&& (== netcoreapp3.1) (>= net461))
      System.Runtime.CompilerServices.Unsafe (>= 4.5.3) - restriction: || (== net461) (&& (== netcoreapp3.1) (>= monotouch)) (&& (== netcoreapp3.1) (>= net461)) (&& (== netcoreapp3.1) (< netcoreapp2.0)) (&& (== netcoreapp3.1) (< netcoreapp2.1)) (&& (== netcoreapp3.1) (< netstandard1.1)) (&& (== netcoreapp3.1) (< netstandard2.0)) (&& (== netcoreapp3.1) (>= uap10.1)) (&& (== netcoreapp3.1) (>= xamarinios)) (&& (== netcoreapp3.1) (>= xamarinmac)) (&& (== netcoreapp3.1) (>= xamarintvos)) (&& (== netcoreapp3.1) (>= xamarinwatchos))
    System.Numerics.Vectors (4.5) - restriction: || (== net461) (&& (== netcoreapp3.1) (>= net461))
    System.Reflection (4.3) - restriction: || (&& (== net461) (>= netcoreapp3.1)) (== netcoreapp3.1)
      Microsoft.NETCore.Platforms (>= 1.1) - restriction: || (&& (== net461) (< net45)) (== netcoreapp3.1)
      Microsoft.NETCore.Targets (>= 1.1) - restriction: || (&& (== net461) (< net45)) (== netcoreapp3.1)
      System.IO (>= 4.3) - restriction: || (&& (== net461) (< net45)) (== netcoreapp3.1)
      System.Reflection.Primitives (>= 4.3) - restriction: || (&& (== net461) (< net45)) (== netcoreapp3.1)
      System.Runtime (>= 4.3) - restriction: || (&& (== net461) (< net45)) (== netcoreapp3.1)
    System.Reflection.Metadata (6.0.1) - restriction: || (&& (== net461) (>= netcoreapp1.0)) (&& (== net461) (>= netcoreapp2.1)) (== netcoreapp3.1)
      System.Collections.Immutable (>= 6.0)
    System.Reflection.Primitives (4.3) - restriction: || (&& (== net461) (>= netcoreapp3.1)) (== netcoreapp3.1)
      Microsoft.NETCore.Platforms (>= 1.1) - restriction: || (&& (== net461) (< net45)) (== netcoreapp3.1)
      Microsoft.NETCore.Targets (>= 1.1) - restriction: || (&& (== net461) (< net45)) (== netcoreapp3.1)
      System.Runtime (>= 4.3) - restriction: || (&& (== net461) (< net45)) (== netcoreapp3.1)
    System.Resources.ResourceManager (4.3) - restriction: || (&& (== net461) (>= netcoreapp3.1)) (== netcoreapp3.1)
      Microsoft.NETCore.Platforms (>= 1.1) - restriction: || (&& (== net461) (< net45)) (== netcoreapp3.1)
      Microsoft.NETCore.Targets (>= 1.1) - restriction: || (&& (== net461) (< net45)) (== netcoreapp3.1)
      System.Globalization (>= 4.3) - restriction: || (&& (== net461) (< net45)) (== netcoreapp3.1)
      System.Reflection (>= 4.3) - restriction: || (&& (== net461) (< net45)) (== netcoreapp3.1)
      System.Runtime (>= 4.3) - restriction: || (&& (== net461) (< net45)) (== netcoreapp3.1)
    System.Runtime (4.3.1) - restriction: || (&& (== net461) (>= netcoreapp3.1)) (== netcoreapp3.1)
      Microsoft.NETCore.Platforms (>= 1.1.1) - restriction: || (&& (== net461) (< net45)) (== netcoreapp3.1)
      Microsoft.NETCore.Targets (>= 1.1.3) - restriction: || (&& (== net461) (< net45)) (== netcoreapp3.1)
    System.Runtime.CompilerServices.Unsafe (6.0)
    System.Runtime.Extensions (4.3.1) - restriction: || (&& (== net461) (>= netcoreapp3.1)) (== netcoreapp3.1)
      Microsoft.NETCore.Platforms (>= 1.1.1) - restriction: || (&& (== net461) (< net45)) (== netcoreapp3.1)
      Microsoft.NETCore.Targets (>= 1.1.3) - restriction: || (&& (== net461) (< net45)) (== netcoreapp3.1)
      System.Runtime (>= 4.3.1) - restriction: || (&& (== net461) (< net45)) (== netcoreapp3.1)
    System.Runtime.Handles (4.3) - restriction: || (&& (== net461) (>= netcoreapp3.1)) (== netcoreapp3.1)
      Microsoft.NETCore.Platforms (>= 1.1) - restriction: || (&& (== net461) (< net46)) (== netcoreapp3.1)
      Microsoft.NETCore.Targets (>= 1.1) - restriction: || (&& (== net461) (< net46)) (== netcoreapp3.1)
      System.Runtime (>= 4.3) - restriction: || (&& (== net461) (< net46)) (== netcoreapp3.1)
    System.Runtime.InteropServices (4.3) - restriction: || (&& (== net461) (>= netcoreapp3.1)) (== netcoreapp3.1)
      Microsoft.NETCore.Platforms (>= 1.1) - restriction: || (&& (== net461) (< net45)) (&& (== net461) (>= netcoreapp1.1)) (== netcoreapp3.1)
      Microsoft.NETCore.Targets (>= 1.1) - restriction: || (&& (== net461) (< net45)) (&& (== net461) (>= netcoreapp1.1)) (== netcoreapp3.1)
      System.Reflection (>= 4.3) - restriction: || (&& (== net461) (< net45)) (&& (== net461) (>= netcoreapp1.1)) (== netcoreapp3.1)
      System.Reflection.Primitives (>= 4.3) - restriction: || (&& (== net461) (< net45)) (&& (== net461) (>= netcoreapp1.1)) (== netcoreapp3.1)
      System.Runtime (>= 4.3) - restriction: || (&& (== net461) (< net45)) (&& (== net461) (>= net462)) (&& (== net461) (>= netcoreapp1.1)) (== netcoreapp3.1)
      System.Runtime.Handles (>= 4.3) - restriction: || (&& (== net461) (< net45)) (&& (== net461) (>= netcoreapp1.1)) (== netcoreapp3.1)
    System.Runtime.Loader (4.3) - restriction: || (&& (== net461) (>= netcoreapp3.1)) (== netcoreapp3.1)
      System.IO (>= 4.3) - restriction: || (&& (== net461) (>= netstandard1.5)) (== netcoreapp3.1)
      System.Reflection (>= 4.3) - restriction: || (&& (== net461) (>= netstandard1.5)) (== netcoreapp3.1)
      System.Runtime (>= 4.3) - restriction: || (&& (== net461) (>= netstandard1.5)) (== netcoreapp3.1)
    System.Security.AccessControl (6.0) - restriction: || (&& (== net461) (>= netcoreapp3.1)) (== netcoreapp3.1)
      System.Security.Principal.Windows (>= 5.0)
    System.Security.Cryptography.Cng (5.0) - restriction: || (&& (== net461) (>= netcoreapp3.1)) (== netcoreapp3.1)
      System.Formats.Asn1 (>= 5.0) - restriction: || (&& (== net461) (>= netcoreapp3.0)) (== netcoreapp3.1)
    System.Security.Cryptography.Pkcs (6.0.1) - restriction: || (&& (== net461) (>= netcoreapp3.1)) (== netcoreapp3.1)
      System.Formats.Asn1 (>= 6.0) - restriction: || (&& (== net461) (>= netstandard2.1)) (== netcoreapp3.1)
      System.Security.Cryptography.Cng (>= 5.0) - restriction: || (&& (== net461) (>= netcoreapp3.1)) (&& (== net461) (>= netstandard2.1)) (== netcoreapp3.1)
    System.Security.Cryptography.ProtectedData (6.0) - restriction: || (&& (== net461) (>= net6.0)) (&& (== net461) (>= netcoreapp3.1)) (== netcoreapp3.1)
      System.Memory (>= 4.5.4) - restriction: == netcoreapp3.1
    System.Security.Permissions (6.0) - restriction: || (&& (== net461) (>= netcoreapp3.1)) (== netcoreapp3.1)
      System.Security.AccessControl (>= 6.0)
      System.Windows.Extensions (>= 6.0) - restriction: || (&& (== net461) (>= netcoreapp3.1)) (== netcoreapp3.1)
    System.Security.Principal.Windows (5.0) - restriction: || (&& (== net461) (>= netcoreapp3.1)) (== netcoreapp3.1)
    System.Text.Encoding (4.3) - restriction: || (&& (== net461) (>= netcoreapp3.1)) (== netcoreapp3.1)
      Microsoft.NETCore.Platforms (>= 1.1) - restriction: || (&& (== net461) (< net45)) (== netcoreapp3.1)
      Microsoft.NETCore.Targets (>= 1.1) - restriction: || (&& (== net461) (< net45)) (== netcoreapp3.1)
      System.Runtime (>= 4.3) - restriction: || (&& (== net461) (< net45)) (== netcoreapp3.1)
    System.Text.Encoding.CodePages (6.0) - restriction: || (&& (== net461) (>= netcoreapp3.1)) (== netcoreapp3.1)
      System.Runtime.CompilerServices.Unsafe (>= 6.0)
    System.Text.Encodings.Web (6.0) - restriction: || (&& (== net461) (>= netcoreapp3.1)) (== netcoreapp3.1)
      System.Runtime.CompilerServices.Unsafe (>= 6.0)
    System.Text.Json (6.0.5) - restriction: || (&& (== net461) (>= netcoreapp3.1)) (== netcoreapp3.1)
      System.Runtime.CompilerServices.Unsafe (>= 6.0)
      System.Text.Encodings.Web (>= 6.0)
    System.Threading (4.3) - restriction: || (&& (== net461) (>= netcoreapp3.1)) (== netcoreapp3.1)
      System.Runtime (>= 4.3) - restriction: || (&& (== net461) (< net45)) (== netcoreapp3.1)
      System.Threading.Tasks (>= 4.3) - restriction: || (&& (== net461) (< net45)) (== netcoreapp3.1)
    System.Threading.AccessControl (6.0) - restriction: || (&& (== net461) (>= netcoreapp3.1)) (== netcoreapp3.1)
      System.Memory (>= 4.5.4) - restriction: == netcoreapp3.1
      System.Security.AccessControl (>= 6.0)
      System.Security.Principal.Windows (>= 5.0)
    System.Threading.Tasks (4.3) - restriction: || (&& (== net461) (>= netcoreapp3.1)) (== netcoreapp3.1)
      Microsoft.NETCore.Platforms (>= 1.1) - restriction: || (&& (== net461) (< net45)) (== netcoreapp3.1)
      Microsoft.NETCore.Targets (>= 1.1) - restriction: || (&& (== net461) (< net45)) (== netcoreapp3.1)
      System.Runtime (>= 4.3) - restriction: || (&& (== net461) (< net45)) (== netcoreapp3.1)
    System.Windows.Extensions (6.0) - restriction: || (&& (== net461) (>= netcoreapp3.1)) (== netcoreapp3.1)
      System.Drawing.Common (>= 6.0) - restriction: || (&& (== net461) (>= netcoreapp3.1)) (== netcoreapp3.1)
