RESTRICTION: == net6.0
NUGET
  remote: https://www.nuget.org/api/v2
    IKVM (8.7.1)
      IKVM.Image (>= 8.7.1)
      IKVM.MSBuild (>= 8.7.1)
      Microsoft.Extensions.DependencyModel (>= 6.0)
      Microsoft.Win32.Registry (>= 5.0)
      Mono.Posix (>= 7.1.0-final.1.21458.1)
      Mono.Unix (>= 7.1.0-final.1.21458.1)
      System.Data.Odbc (>= 6.0)
      System.Drawing.Common (>= 6.0)
    IKVM.Image (8.7.1)
      IKVM.Image.runtime.linux-arm (>= 8.7.1)
      IKVM.Image.runtime.linux-arm64 (>= 8.7.1)
      IKVM.Image.runtime.linux-musl-arm (>= 8.7.1)
      IKVM.Image.runtime.linux-musl-arm64 (>= 8.7.1)
      IKVM.Image.runtime.linux-musl-x64 (>= 8.7.1)
      IKVM.Image.runtime.linux-x64 (>= 8.7.1)
      IKVM.Image.runtime.osx-arm64 (>= 8.7.1)
      IKVM.Image.runtime.osx-x64 (>= 8.7.1)
      IKVM.Image.runtime.win-arm64 (>= 8.7.1)
      IKVM.Image.runtime.win-x64 (>= 8.7.1)
      IKVM.Image.runtime.win-x86 (>= 8.7.1)
    IKVM.Image.runtime.linux-arm (8.7.1)
    IKVM.Image.runtime.linux-arm64 (8.7.1)
    IKVM.Image.runtime.linux-musl-arm (8.7.1)
    IKVM.Image.runtime.linux-musl-arm64 (8.7.1)
    IKVM.Image.runtime.linux-musl-x64 (8.7.1)
    IKVM.Image.runtime.linux-x64 (8.7.1)
    IKVM.Image.runtime.osx-arm64 (8.7.1)
    IKVM.Image.runtime.osx-x64 (8.7.1)
    IKVM.Image.runtime.win-arm64 (8.7.1)
    IKVM.Image.runtime.win-x64 (8.7.1)
    IKVM.Image.runtime.win-x86 (8.7.1)
    IKVM.MSBuild (8.7.1)
      IKVM.MSBuild.Tools (>= 8.7.1)
    IKVM.MSBuild.Tools (8.7.1)
      IKVM.MSBuild.Tools.runtime.linux-arm (>= 8.7.1)
      IKVM.MSBuild.Tools.runtime.linux-arm64 (>= 8.7.1)
      IKVM.MSBuild.Tools.runtime.linux-x64 (>= 8.7.1)
      IKVM.MSBuild.Tools.runtime.osx-arm64 (>= 8.7.1)
      IKVM.MSBuild.Tools.runtime.osx-x64 (>= 8.7.1)
      IKVM.MSBuild.Tools.runtime.win-arm64 (>= 8.7.1)
      IKVM.MSBuild.Tools.runtime.win-x64 (>= 8.7.1)
    IKVM.MSBuild.Tools.runtime.linux-arm (8.7.1)
    IKVM.MSBuild.Tools.runtime.linux-arm64 (8.7.1)
    IKVM.MSBuild.Tools.runtime.linux-x64 (8.7.1)
    IKVM.MSBuild.Tools.runtime.osx-arm64 (8.7.1)
    IKVM.MSBuild.Tools.runtime.osx-x64 (8.7.1)
    IKVM.MSBuild.Tools.runtime.win-arm64 (8.7.1)
    IKVM.MSBuild.Tools.runtime.win-x64 (8.7.1)
    Microsoft.CodeCoverage (17.8)
    Microsoft.Extensions.DependencyModel (7.0)
      System.Text.Encodings.Web (>= 7.0)
      System.Text.Json (>= 7.0)
    Microsoft.NET.Test.Sdk (17.8)
      Microsoft.CodeCoverage (>= 17.8)
      Microsoft.TestPlatform.TestHost (>= 17.8)
    Microsoft.NETCore.Platforms (7.0.4)
    Microsoft.TestPlatform.ObjectModel (17.8)
      NuGet.Frameworks (>= 6.5)
      System.Reflection.Metadata (>= 1.6)
    Microsoft.TestPlatform.TestHost (17.8)
      Microsoft.TestPlatform.ObjectModel (>= 17.8)
      Newtonsoft.Json (>= 13.0.1)
    Microsoft.Win32.Registry (5.0)
      System.Security.AccessControl (>= 5.0)
      System.Security.Principal.Windows (>= 5.0)
    Microsoft.Win32.SystemEvents (7.0)
    Mono.Posix (7.1.0-final.1.21458.1)
      Mono.Unix (>= 7.1.0-final.1.21458.1)
    Mono.Unix (7.1.0-final.1.21458.1)
    NETStandard.Library (2.0.3)
      Microsoft.NETCore.Platforms (>= 1.1)
    Newtonsoft.Json (13.0.3)
    NuGet.Frameworks (6.7)
    NUnit (3.14)
      NETStandard.Library (>= 2.0)
    NUnit3TestAdapter (4.5)
    System.Collections.Immutable (7.0)
      System.Runtime.CompilerServices.Unsafe (>= 6.0)
    System.Data.Odbc (7.0)
      System.Text.Encoding.CodePages (>= 7.0)
    System.Drawing.Common (7.0)
      Microsoft.Win32.SystemEvents (>= 7.0)
    System.Reflection.Metadata (7.0.2)
      System.Collections.Immutable (>= 7.0)
    System.Runtime.CompilerServices.Unsafe (6.0)
    System.Security.AccessControl (6.0)
    System.Security.Principal.Windows (5.0)
    System.Text.Encoding.CodePages (7.0)
      System.Runtime.CompilerServices.Unsafe (>= 6.0)
    System.Text.Encodings.Web (7.0)
      System.Runtime.CompilerServices.Unsafe (>= 6.0)
    System.Text.Json (7.0.3)
      System.Runtime.CompilerServices.Unsafe (>= 6.0)
      System.Text.Encodings.Web (>= 7.0)
