RESTRICTION: == net461
NUGET
  remote: https://www.nuget.org/api/v2
    IKVM (8.1.5717)
    Microsoft.NETFramework.ReferenceAssemblies (1.0.2)
      Microsoft.NETFramework.ReferenceAssemblies.net461 (>= 1.0.2)
    Microsoft.NETFramework.ReferenceAssemblies.net461 (1.0.2)
    NUnit (3.13.2)
    NUnit.ConsoleRunner (3.12)
