RESTRICTION: == net461
NUGET
  remote: https://www.nuget.org/api/v2
    IKVM (8.1.5717)
    Microsoft.NETFramework.ReferenceAssemblies (1.0.3)
      Microsoft.NETFramework.ReferenceAssemblies.net461 (>= 1.0.3)
    Microsoft.NETFramework.ReferenceAssemblies.net461 (1.0.3)
    NUnit (3.13.3)
    NUnit.ConsoleRunner (3.15.2)
