RESTRICTION: || (== net461) (== netcoreapp3.1)
NUGET
  remote: https://www.nuget.org/api/v2
    IKVM (8.7.1)
    Microsoft.CodeCoverage (17.8) - restriction: || (&& (== net461) (>= net462)) (&& (== net461) (>= netcoreapp3.1)) (== netcoreapp3.1)
    Microsoft.NET.Test.Sdk (17.8)
      Microsoft.CodeCoverage (>= 17.8) - restriction: || (&& (== net461) (>= net462)) (&& (== net461) (>= netcoreapp3.1)) (== netcoreapp3.1)
      Microsoft.TestPlatform.TestHost (>= 17.8) - restriction: || (&& (== net461) (>= netcoreapp3.1)) (== netcoreapp3.1)
    Microsoft.NETCore.Platforms (7.0.4) - restriction: || (&& (== net461) (< net35) (>= netstandard2.0)) (&& (== net461) (>= netcoreapp2.0)) (&& (== net461) (< netstandard1.0) (>= netstandard2.0) (>= win8)) (&& (== net461) (< netstandard1.3) (>= netstandard2.0) (>= wpa81)) (&& (== net461) (>= netstandard2.0) (>= uap10.0)) (&& (== net461) (>= netstandard2.0) (>= uap10.1)) (&& (== net461) (>= netstandard2.0) (>= wp8)) (== netcoreapp3.1)
    Microsoft.NETFramework.ReferenceAssemblies (1.0.3)
      Microsoft.NETFramework.ReferenceAssemblies.net461 (>= 1.0.3) - restriction: || (== net461) (&& (== netcoreapp3.1) (>= net461))
    Microsoft.NETFramework.ReferenceAssemblies.net461 (1.0.3) - restriction: || (== net461) (&& (== netcoreapp3.1) (>= net461))
    Microsoft.TestPlatform.ObjectModel (17.8) - restriction: || (&& (== net461) (>= netcoreapp3.1)) (== netcoreapp3.1)
      NuGet.Frameworks (>= 6.5) - restriction: || (&& (== net461) (>= net462)) (&& (== net461) (>= netstandard2.0)) (== netcoreapp3.1)
      System.Reflection.Metadata (>= 1.6) - restriction: || (&& (== net461) (>= net462)) (&& (== net461) (>= netstandard2.0)) (== netcoreapp3.1)
    Microsoft.TestPlatform.TestHost (17.8) - restriction: || (&& (== net461) (>= netcoreapp3.1)) (== netcoreapp3.1)
      Microsoft.TestPlatform.ObjectModel (>= 17.8) - restriction: || (&& (== net461) (>= netcoreapp3.1)) (== netcoreapp3.1)
      Newtonsoft.Json (>= 13.0.1) - restriction: || (&& (== net461) (>= netcoreapp3.1)) (== netcoreapp3.1)
    NETStandard.Library (2.0.3) - restriction: || (&& (== net461) (< net35) (>= netstandard2.0)) (== netcoreapp3.1)
      Microsoft.NETCore.Platforms (>= 1.1)
    Newtonsoft.Json (13.0.3) - restriction: || (&& (== net461) (>= netcoreapp3.1)) (== netcoreapp3.1)
    NuGet.Frameworks (6.7) - restriction: || (&& (== net461) (>= netcoreapp3.1)) (== netcoreapp3.1)
    NUnit (3.14)
      NETStandard.Library (>= 2.0) - restriction: || (&& (== net461) (< net35) (>= netstandard2.0)) (== netcoreapp3.1)
    NUnit3TestAdapter (4.5)
    System.Collections.Immutable (7.0) - restriction: || (&& (== net461) (>= netcoreapp3.1)) (== netcoreapp3.1)
      System.Memory (>= 4.5.5) - restriction: || (&& (== net461) (>= net462)) (&& (== net461) (>= netstandard2.0)) (== netcoreapp3.1)
      System.Runtime.CompilerServices.Unsafe (>= 6.0) - restriction: || (&& (== net461) (>= net462)) (&& (== net461) (>= net6.0)) (&& (== net461) (>= netstandard2.0)) (== netcoreapp3.1)
    System.Memory (4.5.5) - restriction: || (&& (== net461) (>= netcoreapp3.1)) (== netcoreapp3.1)
    System.Reflection.Metadata (7.0.2) - restriction: || (&& (== net461) (>= netcoreapp3.1)) (== netcoreapp3.1)
      System.Collections.Immutable (>= 7.0) - restriction: || (&& (== net461) (>= net462)) (&& (== net461) (>= netstandard2.0)) (== netcoreapp3.1)
      System.Memory (>= 4.5.5) - restriction: || (&& (== net461) (>= net462)) (&& (== net461) (>= netstandard2.0)) (== netcoreapp3.1)
    System.Runtime.CompilerServices.Unsafe (6.0) - restriction: || (&& (== net461) (>= net6.0)) (&& (== net461) (>= netcoreapp3.1)) (== netcoreapp3.1)
