RESTRICTION: == net461
NUGET
  remote: https://api.nuget.org/v3/index.json
    IKVM (8.1.5717)
    Microsoft.NETFramework.ReferenceAssemblies (1.0.2)
      Microsoft.NETFramework.ReferenceAssemblies.net461 (>= 1.0.2)
    Microsoft.NETFramework.ReferenceAssemblies.net461 (1.0.2)
    NUnit (3.13.3)
    NUnit.ConsoleRunner (3.15)
